PATH
  remote: .
  specs:
    signatory (0.0.6)
      activeresource (>= 2.3.9)
      bundler (>= 1.0.0)
      oauth (>= 0.4.3)

GEM
  remote: http://rubygems.org/
  specs:
    activemodel (3.1.0)
      activesupport (= 3.1.0)
      bcrypt-ruby (~> 3.0.0)
      builder (~> 3.0.0)
      i18n (~> 0.6)
    activeresource (3.1.0)
      activemodel (= 3.1.0)
      activesupport (= 3.1.0)
    activesupport (3.1.0)
      multi_json (~> 1.0)
    addressable (2.2.4)
    bcrypt-ruby (3.0.1)
    builder (3.0.0)
    crack (0.1.8)
    diff-lcs (1.1.2)
    i18n (0.6.0)
    multi_json (1.0.3)
    oauth (0.4.5)
    rake (0.8.7)
    rspec (2.5.0)
      rspec-core (~> 2.5.0)
      rspec-expectations (~> 2.5.0)
      rspec-mocks (~> 2.5.0)
    rspec-core (2.5.1)
    rspec-expectations (2.5.0)
      diff-lcs (~> 1.1.2)
    rspec-mocks (2.5.0)
    webmock (1.3.5)
      addressable (>= 2.1.1)
      crack (>= 0.1.7)

PLATFORMS
  ruby

DEPENDENCIES
  bundler (>= 1.0.0)
  rake
  rspec (= 2.5.0)
  signatory!
  webmock (= 1.3.5)
